GEM
  remote: https://rubygems.org/
  specs:
    mysql2 (0.5.3)

PLATFORMS
  x86_64-darwin-20

DEPENDENCIES
  mysql2

BUNDLED WITH
   2.2.13
